GEM
  remote: https://rubygems.org/
  specs:
    backblaze (0.3.0)
      httparty
    httparty (0.14.0)
      multi_xml (>= 0.5.2)
    multi_xml (0.6.0)

PLATFORMS
  ruby

DEPENDENCIES
  backblaze

BUNDLED WITH
   1.13.7
